GEM
  remote: https://rubygems.org/
  specs:
    jwt (2.2.3)
    mustache (1.1.1)

PLATFORMS
  ruby

DEPENDENCIES
  jwt
  mustache

BUNDLED WITH
   2.1.2
