GEM
  remote: https://rubygems.org/
  specs:
    jwt (2.2.3)

PLATFORMS
  ruby

DEPENDENCIES
  jwt

BUNDLED WITH
   2.1.2
